PATH
  remote: .
  specs:
    companies-house (0.3.0)
      haml
      morph
      nokogiri

GEM
  remote: https://rubygems.org/
  specs:
    activesupport (3.2.8)
      i18n (~> 0.6)
      multi_json (~> 1.0)
    diff-lcs (1.1.3)
    haml (3.1.7)
    i18n (0.6.1)
    morph (0.3.5)
      activesupport (>= 2.0.2)
    multi_json (1.3.6)
    nokogiri (1.5.5)
    rspec (2.8.0)
      rspec-core (~> 2.8.0)
      rspec-expectations (~> 2.8.0)
      rspec-mocks (~> 2.8.0)
    rspec-core (2.8.0)
    rspec-expectations (2.8.0)
      diff-lcs (~> 1.1.2)
    rspec-mocks (2.8.0)

PLATFORMS
  ruby

DEPENDENCIES
  companies-house!
  rspec
